GEM
  remote: https://rubygems.org/
  specs:
    addressable (2.4.0)
    crass (1.0.5)
    desk_api (0.5.0)
      addressable
      faraday
      faraday_middleware
      hashie
      simple_oauth
    faraday (0.9.2)
      multipart-post (>= 1.2, < 3)
    faraday_middleware (0.10.0)
      faraday (>= 0.7.4, < 0.10)
    hashie (3.4.4)
    loofah (2.3.1)
      crass (~> 1.0.2)
      nokogiri (>= 1.5.9)
    mini_portile2 (2.1.0)
    multipart-post (2.0.0)
    nokogiri (1.6.8.1)
      mini_portile2 (~> 2.1.0)
    open_uri_redirections (0.1.4)
    rails-html-sanitizer (1.3.0)
      loofah (~> 2.3)
    rubyzip (1.3.0)
    simple_oauth (0.3.1)

PLATFORMS
  ruby

DEPENDENCIES
  desk_api (= 0.5.0)
  open_uri_redirections (= 0.1.4)
  rails-html-sanitizer
  rubyzip (= 1.3.0)

BUNDLED WITH
   1.11.2
